GEM
  remote: http://rubygems.org/
  specs:
    activesupport (3.0.3)
    addressable (2.2.2)
    configuration (1.2.0)
    em-websocket (0.1.4)
      addressable (>= 2.1.1)
      eventmachine (>= 0.12.9)
    eventmachine (0.12.10)
    guard (0.2.2)
      open_gem (~> 1.4.2)
      thor (~> 0.14.3)
    guard-livereload (0.1.5)
      em-websocket (~> 0.1.3)
      guard (>= 0.2.2)
      json (~> 1.4.6)
    guard-shell (0.1.1)
      guard (>= 0.2.0)
    i18n (0.5.0)
    json (1.4.6)
    launchy (0.3.7)
      configuration (>= 0.0.5)
      rake (>= 0.8.1)
    open_gem (1.4.2)
      launchy (~> 0.3.5)
    rack (1.2.1)
    rake (0.8.7)
    sinatra (1.1.0)
      rack (~> 1.1)
      tilt (~> 1.1)
    thor (0.14.6)
    tilt (1.1)

PLATFORMS
  ruby

DEPENDENCIES
  activesupport
  guard
  guard-livereload
  guard-shell
  i18n
  rack
  sinatra
  thor
