GEM
  remote: http://rubygems.org/
  specs:
    activesupport (3.0.3)
    thor (0.14.6)

PLATFORMS
  ruby

DEPENDENCIES
  activesupport
  thor
